GEM
  remote: https://rubygems.org/
  specs:
    celluloid (0.14.1)
      timers (>= 1.0.0)
    mini_portile (0.5.1)
    nokogiri (1.6.0)
      mini_portile (~> 0.5.0)
    redis (3.0.4)
    timers (1.1.0)

PLATFORMS
  ruby

DEPENDENCIES
  celluloid
  nokogiri
  redis
